PATH
  remote: .
  specs:
    nuvo-image (0.5.5)

GEM
  remote: https://rubygems.org/
  specs:
    ast (2.3.0)
    byebug (9.0.6)
    minitest (5.10.1)
    minitest-ci (3.1.0)
      minitest (~> 5.0, >= 5.0.6)
    parser (2.4.0.0)
      ast (~> 2.2)
    powerpack (0.1.1)
    rainbow (2.2.1)
    rake (12.0.0)
    rubocop (0.47.1)
      parser (>= 2.3.3.1, < 3.0)
      powerpack (~> 0.1)
      rainbow (>= 1.99.1, < 3.0)
      ruby-progressbar (~> 1.7)
      unicode-display_width (~> 1.0, >= 1.0.1)
    ruby-progressbar (1.8.1)
    unicode-display_width (1.1.3)

PLATFORMS
  ruby

DEPENDENCIES
  bundler
  byebug
  minitest
  minitest-ci
  nuvo-image!
  rake
  rubocop

BUNDLED WITH
   1.14.4
